PATH
  remote: .
  specs:
    annealing (0.4.0)

GEM
  remote: https://rubygems.org/
  specs:
    ast (2.4.2)
    debug (1.4.0)
      irb (>= 1.3.6)
      reline (>= 0.2.7)
    io-console (0.6.0)
    irb (1.6.3)
      reline (>= 0.3.0)
    json (2.6.3)
    minitest (5.18.0)
    parallel (1.22.1)
    parser (3.2.1.1)
      ast (~> 2.4.1)
    rainbow (3.1.1)
    rake (13.0.6)
    regexp_parser (2.7.0)
    reline (0.3.2)
      io-console (~> 0.5)
    rexml (3.3.9)
    rubocop (1.48.0)
      json (~> 2.3)
      parallel (~> 1.10)
      parser (>= 3.2.0.0)
      rainbow (>= 2.2.2, < 4.0)
      regexp_parser (>= 1.8, < 3.0)
      rexml (>= 3.2.5, < 4.0)
      rubocop-ast (>= 1.26.0, < 2.0)
      ruby-progressbar (~> 1.7)
      unicode-display_width (>= 2.4.0, < 3.0)
    rubocop-ast (1.27.0)
      parser (>= 3.2.1.0)
    rubocop-minitest (0.29.0)
      rubocop (>= 1.39, < 2.0)
    rubocop-performance (1.16.0)
      rubocop (>= 1.7.0, < 2.0)
      rubocop-ast (>= 0.4.0)
    rubocop-rake (0.6.0)
      rubocop (~> 1.0)
    ruby-prof (1.6.1)
    ruby-progressbar (1.13.0)
    unicode-display_width (2.4.2)

PLATFORMS
  ruby

DEPENDENCIES
  annealing!
  debug (>= 1.0.0)
  minitest (~> 5.0)
  rake (~> 13.0.0, >= 13.0.6)
  rubocop (~> 1.48.0)
  rubocop-minitest (~> 0.29.0)
  rubocop-performance (~> 1.16.0)
  rubocop-rake (~> 0.6.0)
  ruby-prof (~> 1.6, >= 1.6.1)

BUNDLED WITH
   2.4.4
